GEM
  remote: http://rubygems.org/
  specs:
    ansi (1.4.3)
    builder (3.1.3)
    diff-lcs (1.1.3)
    hashie (1.2.0)
    minitest (3.4.0)
    minitest-reporters (0.10.2)
      ansi
      builder
      minitest (>= 2.12, < 4.0)
      powerbar
    powerbar (1.0.8)
      ansi (~> 1.4.0)
      hashie (>= 1.1.0)
    rspec (2.11.0)
      rspec-core (~> 2.11.0)
      rspec-expectations (~> 2.11.0)
      rspec-mocks (~> 2.11.0)
    rspec-core (2.11.1)
    rspec-expectations (2.11.3)
      diff-lcs (~> 1.1.3)
    rspec-mocks (2.11.3)
    test-unit (2.5.2)

PLATFORMS
  ruby

DEPENDENCIES
  minitest-reporters
  rspec (>= 2.10.1)
  test-unit
