GEM
  remote: http://rubygems.org/
  specs:
    amq-client (0.9.1)
      amq-protocol (>= 0.9.0)
      eventmachine
    amq-protocol (0.9.0)
    amqp (0.9.2)
      amq-client (~> 0.9.1)
      amq-protocol (>= 0.9.0)
      eventmachine
    awesome_print (1.0.2)
    eventmachine (0.12.10)
    gorgon (0.0.1)
      amqp
      awesome_print
      open4
      uuidtools
      yajl-ruby
    open4 (1.3.0)
    rake (0.9.2.2)
    uuidtools (2.1.2)
    yajl-ruby (1.1.0)

PLATFORMS
  ruby

DEPENDENCIES
  gorgon
  rake
