PATH
  remote: ~/src/Gorgon
  specs:
    gorgon (0.0.1)
      amqp (~> 0.9.7)
      awesome_print
      bunny (~> 0.8.0)
      colorize (~> 0.5.8)
      open4 (~> 1.3.0)
      ruby-progressbar (~> 1.0.1)
      test-unit
      uuidtools (~> 2.1.3)
      yajl-ruby (~> 1.1.0)

GEM
  remote: http://rubygems.org/
  specs:
    amq-client (0.9.4)
      amq-protocol (>= 0.9.4)
      eventmachine
    amq-protocol (0.9.4)
    amqp (0.9.7)
      amq-client (~> 0.9.4)
      amq-protocol (>= 0.9.4)
      eventmachine
    ansi (1.4.3)
    awesome_print (1.0.2)
    builder (3.1.3)
    bunny (0.8.0)
    colorize (0.5.8)
    eventmachine (1.0.0)
    hashie (1.2.0)
    minitest (3.4.0)
    minitest-reporters (0.10.2)
      ansi
      builder
      minitest (>= 2.12, < 4.0)
      powerbar
    open4 (1.3.0)
    powerbar (1.0.8)
      ansi (~> 1.4.0)
      hashie (>= 1.1.0)
    ruby-progressbar (1.0.1)
    test-unit (2.5.2)
    uuidtools (2.1.3)
    yajl-ruby (1.1.0)

PLATFORMS
  ruby

DEPENDENCIES
  gorgon!
  minitest-reporters
  test-unit
