PATH
  remote: ~/src/Gorgon
  specs:
    gorgon (0.9.0)
      amqp (~> 1.1.0)
      awesome_print
      colorize (~> 0.5.8)
      open4 (~> 1.3.0)
      ruby-progressbar (~> 1.0.1)
      uuidtools (= 2.1.3)
      yajl-ruby (= 1.1.0)

GEM
  remote: https://rubygems.org/
  specs:
    amq-protocol (1.9.2)
    amqp (1.1.8)
      amq-protocol (>= 1.9.2)
      eventmachine
    ansi (1.4.3)
    awesome_print (1.6.1)
    builder (3.1.4)
    colorize (0.5.8)
    diff-lcs (1.1.3)
    eventmachine (1.0.7)
    hashie (1.2.0)
    minitest (2.11.0)
    minitest-reporters (0.9.0)
      ansi
      builder
      minitest (>= 2.0, < 4.0)
      powerbar
    open4 (1.3.4)
    powerbar (1.0.11)
      ansi (~> 1.4.0)
      hashie (>= 1.1.0)
    rspec (2.11.0)
      rspec-core (~> 2.11.0)
      rspec-expectations (~> 2.11.0)
      rspec-mocks (~> 2.11.0)
    rspec-core (2.11.1)
    rspec-expectations (2.11.3)
      diff-lcs (~> 1.1.3)
    rspec-mocks (2.11.3)
    ruby-progressbar (1.0.2)
    test-unit (2.5.2)
    uuidtools (2.1.3)
    yajl-ruby (1.1.0)

PLATFORMS
  ruby

DEPENDENCIES
  gorgon!
  minitest (= 2.11.0)
  minitest-reporters
  rspec (>= 2.10.1)
  test-unit
